GEM
  remote: http://rubygems.org/
  specs:
    autotest-fsevent (0.2.5)
      sys-uname
    autotest-growl (0.2.9)
    git (1.2.5)
    jeweler (1.6.4)
      bundler (~> 1.0)
      git (>= 1.2.5)
      rake
    log_buddy (0.6.0)
    rake (0.9.2)
    rcov (0.9.10)
    shoulda (2.11.3)
    sys-uname (0.8.6)

PLATFORMS
  ruby

DEPENDENCIES
  autotest-fsevent
  autotest-growl
  bundler (~> 1.0.0)
  jeweler (~> 1.6.4)
  log_buddy
  rcov
  shoulda
