GEM
  remote: http://rubygems.org/
  specs:
    ZenTest (4.6.2)
    autotest (4.4.6)
      ZenTest (>= 4.4.1)
    git (1.2.5)
    jeweler (1.6.4)
      bundler (~> 1.0)
      git (>= 1.2.5)
      rake
    log_buddy (0.6.0)
    rake (0.9.2)
    rcov (0.9.10)
    redgreen (1.2.2)
    shoulda (2.11.3)

PLATFORMS
  ruby

DEPENDENCIES
  autotest
  bundler (~> 1.0.0)
  jeweler (~> 1.6.4)
  log_buddy
  rcov
  redgreen
  shoulda
