GEM
  remote: http://rubygems.org/
  specs:
    addressable (2.2.6)
    faraday (0.7.4)
      addressable (~> 2.2.6)
      multipart-post (~> 1.1.0)
      rack (>= 1.1.0, < 2)
    git (1.2.5)
    jeweler (1.6.4)
      bundler (~> 1.0)
      git (>= 1.2.5)
      rake
    log_buddy (0.6.0)
    multipart-post (1.1.3)
    rack (1.3.2)
    rake (0.9.2)
    rcov (0.9.10)
    shoulda (2.11.3)

PLATFORMS
  ruby

DEPENDENCIES
  bundler (~> 1.0.0)
  faraday
  jeweler (~> 1.6.4)
  log_buddy
  rcov
  shoulda
